GEM
  remote: https://rubygems.org/
  specs:
    little-plugger (1.1.4)
    logging (2.2.2)
      little-plugger (~> 1.1)
      multi_json (~> 1.10)
    multi_json (1.12.1)
    rake (12.3.3)

PLATFORMS
  ruby

DEPENDENCIES
  logging
  rake

BUNDLED WITH
   1.13.6
