GEM
  remote: https://rubygems.org/
  specs:
    little-plugger (1.1.4)
    logging (2.1.0)
      little-plugger (~> 1.1)
      multi_json (~> 1.10)
    multi_json (1.12.1)
    rake (12.0.0)

PLATFORMS
  ruby

DEPENDENCIES
  logging
  rake

RUBY VERSION
   ruby 2.3.1p112

BUNDLED WITH
   1.12.5
